{
    "Modality": "MR",
    "MagneticFieldStrength": 3,
    "ImagingFrequency": 123.239,
    "Manufacturer": "Siemens",
    "ManufacturersModelName": "MAGNETOM Prisma Fit",
    "InstitutionName": "Instytut Biologii Doswiadczalnej",
    "InstitutionAddress": "Pasteura 3,Warszawa,District,PL,02093",
    "DeviceSerialNumber": "167119",
    "StationName": "AWP167119",
    "BodyPartExamined": "BRAIN",
    "PatientPosition": "HFS",
    "ProcedureStepDescription": "Head32$ PS23a",
    "SoftwareVersions": "syngo MR XA30",
    "MRAcquisitionType": "2D",
    "SeriesDescription": "SpinEchoFieldMap_mid_AP",
    "ProtocolName": "SpinEchoFieldMap_mid_AP",
    "ScanningSequence": "EP",
    "SequenceVariant": "SK",
    "ScanOptions": "FS",
    "PulseSequenceName": "epse2d1_82",
    "ImageType": [
        "ORIGINAL",
        "PRIMARY",
        "FMRI",
        "NONE"
    ],
    "ImageTypeText": [
        "ORIGINAL",
        "PRIMARY",
        "M",
        "ND",
        "NORM"
    ],
    "NonlinearGradientCorrection": false,
    "SeriesNumber": 6,
    "AcquisitionTime": "15:16:34.047500",
    "AcquisitionNumber": 1,
    "SliceThickness": 2.5,
    "SpacingBetweenSlices": 2.5,
    "EchoTime": 0.066,
    "RepetitionTime": 8,
    "MTState": false,
    "FlipAngle": 90,
    "PartialFourier": 1,
    "BaseResolution": 84,
    "ShimSetting": [
        3072,
        -11607,
        6816,
        452,
        12,
        -156,
        -29,
        -63
    ],
    "TxRefAmp": 272.827,
    "PhaseResolution": 1,
    "VendorReportedEchoSpacing": 0.00058,
    "ReceiveCoilName": "Head_32",
    "ReceiveCoilActiveElements": "HEA;HEP",
    "CoilString": "Head_32",
    "PulseSequenceDetails": "%CustomerSeq%\\cmrr_mbep2d_se",
    "WipMemBlock": "5d69b47a-2954-488c-b790-f900ff048272||Sequence: R017 nxva30a/master r/e4e260217; Mar 27 2023 20:12:45 by eja",
    "CoilCombinationMethod": "Sum of Squares",
    "MatrixCoilMode": "SENSE",
    "PercentPhaseFOV": 97.619,
    "PercentSampling": 100,
    "EchoTrainLength": 82,
    "AcquisitionMatrixPE": 82,
    "ReconMatrixPE": 82,
    "BandwidthPerPixelPhaseEncode": 21.026,
    "EffectiveEchoSpacing": 0.000580002,
    "DerivedVendorReportedEchoSpacing": 0.000580002,
    "TotalReadoutTime": 0.0469802,
    "PixelBandwidth": 2289,
    "DwellTime": 2.6e-06,
    "PhaseEncodingDirection": "j-",
    "SliceTiming": [
        3.99,
        0,
        4.1225,
        0.1325,
        4.255,
        0.265,
        4.3875,
        0.3975,
        4.5225,
        0.5325,
        4.655,
        0.665,
        4.7875,
        0.7975,
        4.92,
        0.93,
        5.0525,
        1.0625,
        5.185,
        1.1975,
        5.32,
        1.33,
        5.4525,
        1.4625,
        5.585,
        1.595,
        5.7175,
        1.7275,
        5.85,
        1.8625,
        5.985,
        1.995,
        6.1175,
        2.1275,
        6.25,
        2.26,
        6.3825,
        2.3925,
        6.515,
        2.5275,
        6.65,
        2.66,
        6.7825,
        2.7925,
        6.915,
        2.925,
        7.0475,
        3.0575,
        7.18,
        3.1925,
        7.315,
        3.325,
        7.4475,
        3.4575,
        7.58,
        3.59,
        7.7125,
        3.7225,
        7.845,
        3.8575
    ],
    "ImageOrientationPatientDICOM": [
        0.999855,
        -0.0122949,
        0.0118143,
        0.0118671,
        0.999295,
        0.0356254
    ],
    "InPlanePhaseEncodingDirectionDICOM": "COL",
    "ConversionSoftware": "dcm2niix",
    "ConversionSoftwareVersion": "v1.0.20220720"
}