{
    "Modality": "MR",
    "MagneticFieldStrength": 3,
    "ImagingFrequency": 123.239,
    "Manufacturer": "Siemens",
    "ManufacturersModelName": "MAGNETOM Prisma Fit",
    "InstitutionName": "Instytut Biologii Doswiadczalnej",
    "InstitutionAddress": "Pasteura 3,Warszawa,District,PL,02093",
    "DeviceSerialNumber": "167119",
    "StationName": "AWP167119",
    "BodyPartExamined": "BRAIN",
    "PatientPosition": "HFS",
    "ProcedureStepDescription": "Head32$ PS23a",
    "SoftwareVersions": "syngo MR XA30",
    "MRAcquisitionType": "2D",
    "SeriesDescription": "SpinEchoFieldMap_mid_AP",
    "ProtocolName": "SpinEchoFieldMap_mid_AP",
    "ScanningSequence": "EP",
    "SequenceVariant": "SK",
    "ScanOptions": "FS",
    "PulseSequenceName": "epse2d1_82",
    "ImageType": [
        "ORIGINAL",
        "PRIMARY",
        "FMRI",
        "NONE"
    ],
    "ImageTypeText": [
        "ORIGINAL",
        "PRIMARY",
        "M",
        "ND",
        "NORM"
    ],
    "NonlinearGradientCorrection": false,
    "SeriesNumber": 6,
    "AcquisitionTime": "14:15:43.817500",
    "AcquisitionNumber": 1,
    "SliceThickness": 2.5,
    "SpacingBetweenSlices": 2.5,
    "EchoTime": 0.066,
    "RepetitionTime": 8,
    "MTState": false,
    "FlipAngle": 90,
    "PartialFourier": 1,
    "BaseResolution": 84,
    "ShimSetting": [
        3076,
        -11604,
        6787,
        439,
        2,
        -190,
        -28,
        -13
    ],
    "TxRefAmp": 271.242,
    "PhaseResolution": 1,
    "VendorReportedEchoSpacing": 0.00058,
    "ReceiveCoilName": "Head_32",
    "ReceiveCoilActiveElements": "HEA;HEP",
    "CoilString": "Head_32",
    "PulseSequenceDetails": "%CustomerSeq%\\cmrr_mbep2d_se",
    "WipMemBlock": "ba6909d1-c7f4-41e0-bb5c-a4706f7b87c4||Sequence: R017 nxva30a/master r/e4e260217; Mar 27 2023 20:12:45 by eja",
    "CoilCombinationMethod": "Sum of Squares",
    "MatrixCoilMode": "SENSE",
    "PercentPhaseFOV": 97.619,
    "PercentSampling": 100,
    "EchoTrainLength": 82,
    "AcquisitionMatrixPE": 82,
    "ReconMatrixPE": 82,
    "BandwidthPerPixelPhaseEncode": 21.026,
    "EffectiveEchoSpacing": 0.000580002,
    "DerivedVendorReportedEchoSpacing": 0.000580002,
    "TotalReadoutTime": 0.0469802,
    "PixelBandwidth": 2289,
    "DwellTime": 2.6e-06,
    "PhaseEncodingDirection": "j-",
    "SliceTiming": [
        3.99,
        0,
        4.1225,
        0.1325,
        4.255,
        0.265,
        4.39,
        0.4,
        4.5225,
        0.5325,
        4.655,
        0.665,
        4.7875,
        0.7975,
        4.92,
        0.93,
        5.055,
        1.065,
        5.1875,
        1.1975,
        5.32,
        1.33,
        5.4525,
        1.4625,
        5.585,
        1.595,
        5.7175,
        1.73,
        5.8525,
        1.8625,
        5.985,
        1.995,
        6.1175,
        2.1275,
        6.25,
        2.26,
        6.3825,
        2.395,
        6.5175,
        2.5275,
        6.65,
        2.66,
        6.7825,
        2.7925,
        6.915,
        2.925,
        7.0475,
        3.06,
        7.1825,
        3.1925,
        7.315,
        3.325,
        7.4475,
        3.4575,
        7.58,
        3.59,
        7.7125,
        3.725,
        7.8475,
        3.8575
    ],
    "ImageOrientationPatientDICOM": [
        0.999775,
        0.019877,
        0.00746105,
        -0.0198949,
        0.999799,
        0.00234209
    ],
    "InPlanePhaseEncodingDirectionDICOM": "COL",
    "ConversionSoftware": "dcm2niix",
    "ConversionSoftwareVersion": "v1.0.20220720"
}