{
    "Modality": "MR",
    "MagneticFieldStrength": 3,
    "ImagingFrequency": 123.239,
    "Manufacturer": "Siemens",
    "ManufacturersModelName": "MAGNETOM Prisma Fit",
    "InstitutionName": "Instytut Biologii Doswiadczalnej",
    "InstitutionAddress": "Pasteura 3,Warszawa,District,PL,02093",
    "DeviceSerialNumber": "167119",
    "StationName": "AWP167119",
    "BodyPartExamined": "BRAIN",
    "PatientPosition": "HFS",
    "ProcedureStepDescription": "Head32$ PS23a",
    "SoftwareVersions": "syngo MR XA30",
    "MRAcquisitionType": "2D",
    "SeriesDescription": "task-fmri_acq-mb2",
    "ProtocolName": "task-fmri_acq-mb2",
    "ScanningSequence": "EP",
    "SequenceVariant": "SK",
    "ScanOptions": "FS",
    "PulseSequenceName": "*epfid2d1_84",
    "ImageType": [
        "ORIGINAL",
        "PRIMARY",
        "FMRI",
        "NONE"
    ],
    "ImageTypeText": [
        "ORIGINAL",
        "PRIMARY",
        "M",
        "ND"
    ],
    "NonlinearGradientCorrection": false,
    "SeriesNumber": 10,
    "AcquisitionTime": "16:42:51.880000",
    "AcquisitionNumber": 1,
    "SliceThickness": 2.5,
    "SpacingBetweenSlices": 2.5,
    "EchoTime": 0.03,
    "RepetitionTime": 2,
    "MTState": false,
    "FlipAngle": 70,
    "PartialFourier": 1,
    "BaseResolution": 84,
    "ShimSetting": [
        3071,
        -11563,
        6795,
        389,
        37,
        -53,
        28,
        7
    ],
    "TxRefAmp": 266.755,
    "PhaseResolution": 1,
    "ReceiveCoilName": "Head_32",
    "ReceiveCoilActiveElements": "HEA;HEP",
    "CoilString": "Head_32",
    "PulseSequenceDetails": "%SiemensSeq%\\ep2d_bold",
    "RefLinesPE": 23,
    "CoilCombinationMethod": "Sum of Squares",
    "MultibandAccelerationFactor": 2,
    "PercentPhaseFOV": 100,
    "PercentSampling": 100,
    "EchoTrainLength": 84,
    "AcquisitionMatrixPE": 84,
    "ReconMatrixPE": 84,
    "BandwidthPerPixelPhaseEncode": 23.81,
    "ParallelAcquisitionTechnique": "SMS",
    "EffectiveEchoSpacing": 0.00049999,
    "DerivedVendorReportedEchoSpacing": 0.00049999,
    "TotalReadoutTime": 0.0414992,
    "PixelBandwidth": 2289,
    "DwellTime": 2.6e-06,
    "PhaseEncodingDirection": "j-",
    "SliceTiming": [
        1.4525,
        0,
        0.99,
        0.0675,
        1.0575,
        0.1325,
        1.1225,
        0.1975,
        1.1875,
        0.265,
        1.255,
        0.33,
        1.32,
        0.3975,
        1.3875,
        0.5275,
        1.5175,
        0.595,
        1.585,
        0.66,
        1.65,
        0.7275,
        1.7175,
        0.7925,
        1.7825,
        0.8575,
        1.8475,
        0.925,
        1.915,
        0.4625,
        1.4525,
        0,
        0.99,
        0.0675,
        1.0575,
        0.1325,
        1.1225,
        0.1975,
        1.1875,
        0.265,
        1.255,
        0.33,
        1.32,
        0.3975,
        1.3875,
        0.5275,
        1.5175,
        0.595,
        1.585,
        0.66,
        1.65,
        0.7275,
        1.7175,
        0.7925,
        1.7825,
        0.8575,
        1.8475,
        0.925,
        1.915,
        0.4625
    ],
    "ImageOrientationPatientDICOM": [
        0.999821,
        -0.00715895,
        -0.017514,
        0.00523509,
        0.994189,
        -0.107525
    ],
    "InPlanePhaseEncodingDirectionDICOM": "COL",
    "ConversionSoftware": "dcm2niix",
    "ConversionSoftwareVersion": "v1.0.20220720",
    "TaskName": "MID"
}