{
    "Modality": "MR",
    "MagneticFieldStrength": 3,
    "ImagingFrequency": 123.239,
    "Manufacturer": "Siemens",
    "ManufacturersModelName": "MAGNETOM Prisma Fit",
    "InstitutionName": "Instytut Biologii Doswiadczalnej",
    "InstitutionAddress": "Pasteura 3,Warszawa,District,PL,02093",
    "DeviceSerialNumber": "167119",
    "StationName": "AWP167119",
    "BodyPartExamined": "BRAIN",
    "PatientPosition": "HFS",
    "ProcedureStepDescription": "Head32$ PS23a",
    "SoftwareVersions": "syngo MR XA30",
    "MRAcquisitionType": "2D",
    "SeriesDescription": "task-fmri_acq-mb2",
    "ProtocolName": "task-fmri_acq-mb2",
    "ScanningSequence": "EP",
    "SequenceVariant": "SK",
    "ScanOptions": "FS",
    "PulseSequenceName": "*epfid2d1_84",
    "ImageType": [
        "ORIGINAL",
        "PRIMARY",
        "FMRI",
        "NONE"
    ],
    "ImageTypeText": [
        "ORIGINAL",
        "PRIMARY",
        "M",
        "ND"
    ],
    "NonlinearGradientCorrection": false,
    "SeriesNumber": 10,
    "AcquisitionTime": "15:49:48.885000",
    "AcquisitionNumber": 1,
    "SliceThickness": 2.5,
    "SpacingBetweenSlices": 2.5,
    "EchoTime": 0.03,
    "RepetitionTime": 2,
    "MTState": false,
    "FlipAngle": 70,
    "PartialFourier": 1,
    "BaseResolution": 84,
    "ShimSetting": [
        3065,
        -11566,
        6827,
        552,
        4,
        -14,
        48,
        -35
    ],
    "TxRefAmp": 264.238,
    "PhaseResolution": 1,
    "ReceiveCoilName": "Head_32",
    "ReceiveCoilActiveElements": "HEA;HEP",
    "CoilString": "Head_32",
    "PulseSequenceDetails": "%SiemensSeq%\\ep2d_bold",
    "RefLinesPE": 23,
    "CoilCombinationMethod": "Sum of Squares",
    "MultibandAccelerationFactor": 2,
    "PercentPhaseFOV": 100,
    "PercentSampling": 100,
    "EchoTrainLength": 84,
    "AcquisitionMatrixPE": 84,
    "ReconMatrixPE": 84,
    "BandwidthPerPixelPhaseEncode": 23.81,
    "ParallelAcquisitionTechnique": "SMS",
    "EffectiveEchoSpacing": 0.00049999,
    "DerivedVendorReportedEchoSpacing": 0.00049999,
    "TotalReadoutTime": 0.0414992,
    "PixelBandwidth": 2289,
    "DwellTime": 2.6e-06,
    "PhaseEncodingDirection": "j-",
    "SliceTiming": [
        1.4525,
        0,
        0.99,
        0.065,
        1.055,
        0.1325,
        1.1225,
        0.1975,
        1.1875,
        0.2625,
        1.2525,
        0.33,
        1.32,
        0.395,
        1.385,
        0.5275,
        1.5175,
        0.5925,
        1.5825,
        0.66,
        1.65,
        0.725,
        1.715,
        0.7925,
        1.7825,
        0.8575,
        1.8475,
        0.9225,
        1.9125,
        0.4625,
        1.4525,
        0,
        0.99,
        0.065,
        1.055,
        0.1325,
        1.1225,
        0.1975,
        1.1875,
        0.2625,
        1.2525,
        0.33,
        1.32,
        0.395,
        1.385,
        0.5275,
        1.5175,
        0.5925,
        1.5825,
        0.66,
        1.65,
        0.725,
        1.715,
        0.7925,
        1.7825,
        0.8575,
        1.8475,
        0.9225,
        1.9125,
        0.4625
    ],
    "ImageOrientationPatientDICOM": [
        0.999834,
        -0.0119659,
        0.013753,
        0.0120414,
        0.999913,
        -0.00541729
    ],
    "InPlanePhaseEncodingDirectionDICOM": "COL",
    "ConversionSoftware": "dcm2niix",
    "ConversionSoftwareVersion": "v1.0.20220720",
    "TaskName": "MID"
}